PATH
  remote: .
  specs:
    omniauth-contactually (0.1.0)
      omniauth (~> 1.1.4)
      omniauth-oauth2 (~> 1.1.1)

GEM
  remote: http://rubygems.org/
  specs:
    ast (2.2.0)
    diff-lcs (1.2.5)
    docile (1.1.5)
    faraday (0.9.2)
      multipart-post (>= 1.2, < 3)
    hashie (2.1.2)
    httpauth (0.2.1)
    json (1.8.3)
    jwt (0.1.13)
      multi_json (>= 1.5)
    multi_json (1.11.3)
    multipart-post (2.0.0)
    oauth2 (0.8.1)
      faraday (~> 0.8)
      httpauth (~> 0.1)
      jwt (~> 0.1.4)
      multi_json (~> 1.0)
      rack (~> 1.2)
    omniauth (1.1.4)
      hashie (>= 1.2, < 3)
      rack
    omniauth-oauth2 (1.1.1)
      oauth2 (~> 0.8.0)
      omniauth (~> 1.0)
    parser (2.3.1.0)
      ast (~> 2.2)
    powerpack (0.1.1)
    rack (1.6.4)
    rack-test (0.6.3)
      rack (>= 1.0)
    rainbow (2.1.0)
    rspec (3.4.0)
      rspec-core (~> 3.4.0)
      rspec-expectations (~> 3.4.0)
      rspec-mocks (~> 3.4.0)
    rspec-core (3.4.4)
      rspec-support (~> 3.4.0)
    rspec-expectations (3.4.0)
      diff-lcs (>= 1.2.0, < 2.0)
      rspec-support (~> 3.4.0)
    rspec-mocks (3.4.1)
      diff-lcs (>= 1.2.0, < 2.0)
      rspec-support (~> 3.4.0)
    rspec-support (3.4.1)
    rubocop (0.40.0)
      parser (>= 2.3.1.0, < 3.0)
      powerpack (~> 0.1)
      rainbow (>= 1.99.1, < 3.0)
      ruby-progressbar (~> 1.7)
      unicode-display_width (~> 1.0, >= 1.0.1)
    ruby-progressbar (1.8.1)
    simplecov (0.11.2)
      docile (~> 1.1.0)
      json (~> 1.8)
      simplecov-html (~> 0.10.0)
    simplecov-html (0.10.0)
    unicode-display_width (1.0.5)

PLATFORMS
  ruby

DEPENDENCIES
  omniauth-contactually!
  rack-test
  rspec
  rubocop
  simplecov

BUNDLED WITH
   1.10.6
